GEM
  remote: http://rubygems.org/
  specs:
    daemons (1.1.2)
    isaac (0.2.7)
    json (1.5.1)
    sqlite3 (1.3.3)

PLATFORMS
  ruby

DEPENDENCIES
  daemons
  isaac
  json
  sqlite3
